GEM
  remote: https://rubygems.org/
  specs:
    awesome_print (1.9.2)
    httparty (0.21.0)
      mini_mime (>= 1.0.0)
      multi_xml (>= 0.5.2)
    mini_mime (1.1.5)
    multi_xml (0.6.0)
    nokogiri (1.15.5-arm64-darwin)
      racc (~> 1.4)
    pg (1.5.4)
    racc (1.7.3)
    sqlite3 (1.6.9-arm64-darwin)

PLATFORMS
  arm64-darwin-22

DEPENDENCIES
  awesome_print (~> 1.9)
  httparty (~> 0.21.0)
  nokogiri (~> 1.15)
  pg (~> 1.5)
  sqlite3 (~> 1.6)

BUNDLED WITH
   2.4.18
